GEM
  remote: https://rubygems.org/
  specs:
    highline (2.1.0)

PLATFORMS
  x86_64-darwin-22

DEPENDENCIES
  highline (~> 2.0)

BUNDLED WITH
   2.4.10
